PATH
  remote: .
  specs:
    sinatra-silent (0.0.1)

GEM
  remote: https://rubygems.org/
  specs:
    diff-lcs (1.3)
    kommando (0.1.2)
    mustermann (3.0.0)
      ruby2_keywords (~> 0.0.1)
    parallel (1.12.1)
    parallel_tests (2.22.0)
      parallel
    rack (2.2.4)
    rack-protection (3.0.4)
      rack
    rake (10.5.0)
    rspec (3.8.0)
      rspec-core (~> 3.8.0)
      rspec-expectations (~> 3.8.0)
      rspec-mocks (~> 3.8.0)
    rspec-core (3.8.0)
      rspec-support (~> 3.8.0)
    rspec-expectations (3.8.1)
      diff-lcs (>= 1.2.0, < 2.0)
      rspec-support (~> 3.8.0)
    rspec-mocks (3.8.0)
      diff-lcs (>= 1.2.0, < 2.0)
      rspec-support (~> 3.8.0)
    rspec-support (3.8.0)
    ruby2_keywords (0.0.5)
    sinatra (3.0.4)
      mustermann (~> 3.0)
      rack (~> 2.2, >= 2.2.4)
      rack-protection (= 3.0.4)
      tilt (~> 2.0)
    tilt (2.0.11)

PLATFORMS
  ruby

DEPENDENCIES
  bundler (~> 1.16)
  kommando
  parallel_tests
  rake (~> 10.0)
  rspec (~> 3.0)
  sinatra (~> 3)
  sinatra-silent!

BUNDLED WITH
   1.16.3
